GEM
  remote: http://rubygems.org/
  specs:
    bunto (1.0.0)
      bunto-sass-converter (~> 2.0)
      bunto-watch (~> 1.0)
      colorator (~> 0.1)
      kramdown (~> 1.3)
      liquid (~> 3.0)
      mercenary (~> 0.3.3)
      rouge (~> 1.7)
      safe_yaml (~> 1.0)
    bunto-sass-converter (2.0.0)
      sass (~> 3.4)
    bunto-watch (1.0.0)
      listen (~> 3.0)
      wdm (~> 0.1.0)
    colorator (0.1)
    ffi (1.9.14-x64-mingw32)
    git (1.3.0)
    json (2.0.2)
    kramdown (1.11.1)
    liquid (3.0.6)
    listen (3.1.5)
      rb-fsevent (~> 0.9, >= 0.9.4)
      rb-inotify (~> 0.9, >= 0.9.7)
      ruby_dep (~> 1.2)
    mercenary (0.3.6)
    rack (1.6.4)
    rack-protection (1.5.3)
      rack
    rb-fsevent (0.9.7)
    rb-inotify (0.9.7)
      ffi (>= 0.5.0)
    rouge (1.11.1)
    ruby_dep (1.4.0)
    safe_yaml (1.0.4)
    sass (3.4.22)
    sinatra (1.4.7)
      rack (~> 1.5)
      rack-protection (~> 1.4)
      tilt (>= 1.3, < 3)
    tilt (2.0.5)
    wdm (0.1.1)

PLATFORMS
  x64-mingw32

DEPENDENCIES
  bunto (~> 1.0)
  git
  json
  sinatra

BUNDLED WITH
   1.12.5
